PATH
  remote: .
  specs:
    asciidoctor-multipage (0.0.17.dev)
      asciidoctor (>= 2.0.11, < 2.1)

GEM
  remote: https://rubygems.org/
  specs:
    appraisal (2.5.0)
      bundler
      rake
      thor (>= 0.14.0)
    asciidoctor (2.0.20)
    minitest (5.19.0)
    rake (13.0.6)
    thor (1.2.2)

PLATFORMS
  ruby

DEPENDENCIES
  appraisal
  asciidoctor-multipage!
  bundler (>= 2.2.18)
  minitest (~> 5)
  rake (~> 13)

BUNDLED WITH
   2.3.15
